GEM
  remote: https://rubygems.org/
  specs:
    base64 (0.3.0)
    csv (3.3.5)
    icalendar (2.11.1)
      base64
      ice_cube (~> 0.16)
      logger
      ostruct
    ice_cube (0.17.0)
    logger (1.7.0)
    ostruct (0.6.1)

PLATFORMS
  arm64-darwin-21
  ruby

DEPENDENCIES
  csv
  icalendar

BUNDLED WITH
   2.6.9
